GEM
  remote: https://rubygems.org/
  specs:
    colorize (0.8.1)
    connection_pool (2.2.2)
    rack (2.2.12)
    rack-protection (2.0.5)
      rack
    redis (4.1.2)
    sidekiq (5.2.7)
      connection_pool (~> 2.2, >= 2.2.2)
      rack (>= 1.5.0)
      rack-protection (>= 1.5.0)
      redis (>= 3.3.5, < 5)

PLATFORMS
  ruby

DEPENDENCIES
  colorize (~> 0.8.1)
  sidekiq (~> 5.1, >= 5.1.1)

BUNDLED WITH
   2.3.22
