GEM
  remote: https://rubygems.org/
  specs:
    colorize (0.8.1)
    connection_pool (2.5.0)
    rack (2.2.13)
    redis (4.8.1)
    sidekiq (6.5.10)
      connection_pool (>= 2.2.5, < 3)
      rack (~> 2.0)
      redis (>= 4.5.0, < 5)

PLATFORMS
  ruby

DEPENDENCIES
  colorize (~> 0.8.1)
  sidekiq (~> 6.5)

BUNDLED WITH
   2.3.22
