GEM
  remote: https://rubygems.org/
  specs:
    colorize (0.8.1)
    connection_pool (2.3.0)
    rack (2.2.4)
    rack-protection (3.0.2)
      rack
    redis (4.5.1)
    sidekiq (5.2.10)
      connection_pool (~> 2.2, >= 2.2.2)
      rack (~> 2.0)
      rack-protection (>= 1.5.0)
      redis (~> 4.5, < 4.6.0)

PLATFORMS
  ruby

DEPENDENCIES
  colorize (~> 0.8.1)
  sidekiq (~> 5.2)

BUNDLED WITH
   2.3.22
